GIT
  remote: git://github.com/josevalim/inherited_resources.git
  revision: cb178c22f9573d92e79a4c97bc77f92843fd3ca3
  specs:
    inherited_resources (1.5.1)
      actionpack (>= 3.2, < 4.2)
      has_scope (~> 0.6.0.rc)
      railties (>= 3.2, < 4.2)
      responders (~> 1.0)

GIT
  remote: git://github.com/sgruhier/capistrano-db-tasks.git
  revision: aa58c21d4483939addb2fe9a0e2369fb1c43e670
  specs:
    capistrano-db-tasks (0.4)
      capistrano (>= 3.0.0)

GEM
  remote: http://rubygems.org/
  specs:
    aasm (4.0.7)
    actionmailer (4.1.8)
      actionpack (= 4.1.8)
      actionview (= 4.1.8)
      mail (~> 2.5, >= 2.5.4)
    actionpack (4.1.8)
      actionview (= 4.1.8)
      activesupport (= 4.1.8)
      rack (~> 1.5.2)
      rack-test (~> 0.6.2)
    actionview (4.1.8)
      activesupport (= 4.1.8)
      builder (~> 3.1)
      erubis (~> 2.7.0)
    active_link_to (1.0.2)
      actionpack
    activemodel (4.1.8)
      activesupport (= 4.1.8)
      builder (~> 3.1)
    activerecord (4.1.8)
      activemodel (= 4.1.8)
      activesupport (= 4.1.8)
      arel (~> 5.0.0)
    activesupport (4.1.8)
      i18n (~> 0.6, >= 0.6.9)
      json (~> 1.7, >= 1.7.7)
      minitest (~> 5.1)
      thread_safe (~> 0.1)
      tzinfo (~> 1.1)
    addressable (2.3.8)
    airbrake (4.3.1)
      builder
      multi_json
    annotate (2.6.5)
      activerecord (>= 2.3.0)
      rake (>= 0.8.7)
    arel (5.0.1.20140414130214)
    attr_encrypted (1.3.3)
      encryptor (>= 1.3.0)
    bcrypt (3.1.9)
    better_errors (2.1.0)
      coderay (>= 1.0.0)
      erubis (>= 2.6.6)
      rack (>= 0.9.0)
    binding_of_caller (0.7.2)
      debug_inspector (>= 0.0.1)
    bootstrap-sass (3.0.3.0)
      sass (~> 3.2)
    buftok (0.2.0)
    builder (3.2.2)
    bullet (4.14.0)
      activesupport (>= 3.0.0)
      uniform_notifier (>= 1.6.0)
    byebug (9.0.5)
    cancancan (1.10.1)
    capistrano (3.4.0)
      i18n
      rake (>= 10.0.0)
      sshkit (~> 1.3)
    capistrano-bundler (1.1.4)
      capistrano (~> 3.1)
      sshkit (~> 1.2)
    capistrano-rails (1.1.3)
      capistrano (~> 3.1)
      capistrano-bundler (~> 1.1)
    capistrano-rbenv (2.0.3)
      capistrano (~> 3.1)
      sshkit (~> 1.3)
    capistrano-sidekiq (0.4.0)
      capistrano
      sidekiq
    capistrano3-unicorn (0.2.1)
      capistrano (~> 3.1, >= 3.1.0)
    capistrano_colors (0.5.5)
    capybara (2.4.4)
      mime-types (>= 1.16)
      nokogiri (>= 1.3.3)
      rack (>= 1.0.0)
      rack-test (>= 0.5.4)
      xpath (~> 2.0)
    capybara-puma (1.0.1)
      capybara
      puma
    capybara-screenshot (1.0.3)
      capybara (>= 1.0, < 3)
      colored
      launchy
    capybara-webkit (1.3.1)
      capybara (>= 2.0.2, < 2.5.0)
      json
    carrierwave (0.10.0)
      activemodel (>= 3.2.0)
      activesupport (>= 3.2.0)
      json (>= 1.7)
      mime-types (>= 1.16)
    cells (3.11.2)
      actionpack (>= 3.0)
      railties (>= 3.0)
      uber (~> 0.0.8)
    celluloid (0.17.3)
      celluloid-essentials
      celluloid-extras
      celluloid-fsm
      celluloid-pool
      celluloid-supervision
      timers (>= 4.1.1)
    celluloid-essentials (0.20.5)
      timers (>= 4.1.1)
    celluloid-extras (0.20.5)
      timers (>= 4.1.1)
    celluloid-fsm (0.20.5)
      timers (>= 4.1.1)
    celluloid-pool (0.20.5)
      timers (>= 4.1.1)
    celluloid-supervision (0.20.6)
      timers (>= 4.1.1)
    coderay (1.1.0)
    coffee-rails (4.0.1)
      coffee-script (>= 2.2.0)
      railties (>= 4.0.0, < 5.0)
    coffee-script (2.3.0)
      coffee-script-source
      execjs
    coffee-script-source (1.8.0)
    colored (1.2)
    colorize (0.7.7)
    connection_pool (2.2.2)
    crack (0.4.2)
      safe_yaml (~> 1.0.0)
    database_cleaner (1.3.0)
    debug_inspector (0.0.2)
    devise (3.4.1)
      bcrypt (~> 3.0)
      orm_adapter (~> 0.1)
      railties (>= 3.2.6, < 5)
      responders
      thread_safe (~> 0.1)
      warden (~> 1.2.3)
    devise_invitable (1.3.6)
      actionmailer (>= 3.2.6, < 5)
      devise (>= 3.2.0)
    diff-lcs (1.2.5)
    docile (1.1.5)
    domain_name (0.5.23)
      unf (>= 0.0.5, < 1.0.0)
    draper (1.4.0)
      actionpack (>= 3.0)
      activemodel (>= 3.0)
      activesupport (>= 3.0)
      request_store (~> 1.0)
    email_validator (1.5.0)
      activemodel
    encryptor (1.3.0)
    enumerize (0.9.0)
      activesupport (>= 3.2)
    equalizer (0.0.9)
    erubis (2.7.0)
    et-orbi (1.1.2)
      tzinfo
    execjs (2.2.2)
    factory_girl (4.5.0)
      activesupport (>= 3.0.0)
    factory_girl_rails (4.5.0)
      factory_girl (~> 4.5.0)
      railties (>= 3.0.0)
    faraday (0.9.2)
      multipart-post (>= 1.2, < 3)
    ffaker (1.25.0)
    figaro (1.0.0)
      thor (~> 0.14)
    font-awesome-rails (4.2.0.0)
      railties (>= 3.2, < 5.0)
    friendly_id (5.0.4)
      activerecord (>= 4.0.0)
    fugit (1.1.1)
      et-orbi (~> 1.1, >= 1.1.1)
      raabro (~> 1.1)
    fuubar (2.0.0)
      rspec (~> 3.0)
      ruby-progressbar (~> 1.4)
    geocoder (1.2.6)
    haml (4.1.0.beta.1)
      tilt
    haml-rails (0.6.0)
      actionpack (>= 4.0.1)
      activesupport (>= 4.0.1)
      haml (>= 3.1, < 5.0)
      html2haml (>= 1.0.1)
      railties (>= 4.0.1)
    has_scope (0.6.0.rc)
      actionpack (>= 3.2, < 5)
      activesupport (>= 3.2, < 5)
    hashie (3.5.5)
    hike (1.2.3)
    hitimes (1.2.6)
    hpricot (0.8.6)
    html2haml (1.0.1)
      erubis (~> 2.7.0)
      haml (>= 4.0.0.rc.1)
      hpricot (~> 0.8.6)
      ruby_parser (~> 3.1.1)
    http (0.6.3)
      http_parser.rb (~> 0.6.0)
    http-cookie (1.0.2)
      domain_name (~> 0.5)
    http_parser.rb (0.6.0)
    httparty (0.13.3)
      json (~> 1.8)
      multi_xml (>= 0.5.2)
    httpclient (2.5.3.3)
    i18n (0.7.0)
    ice_cube (0.11.1)
    iso_country_codes (0.6.1)
    jquery-cookie-rails (1.3.1.1)
      railties (>= 3.2.0, < 5.0)
    jquery-datatables-rails (3.1.1)
      actionpack (>= 3.1)
      jquery-rails
      railties (>= 3.1)
      sass-rails
    jquery-rails (3.1.2)
      railties (>= 3.0, < 5.0)
      thor (>= 0.14, < 2.0)
    jquery-ui-rails (5.0.3)
      railties (>= 3.2.16)
    json (1.8.6)
    jwt (1.5.6)
    kaminari (0.16.1)
      actionpack (>= 3.0.0)
      activesupport (>= 3.0.0)
    kgio (2.9.2)
    koala (2.0.0)
      addressable
      faraday
      multi_json
    launchy (2.4.3)
      addressable (~> 2.3)
    letter_opener (1.3.0)
      launchy (~> 2.2)
    mail (2.6.3)
      mime-types (>= 1.16, < 3)
    mechanize (2.7.3)
      domain_name (~> 0.5, >= 0.5.1)
      http-cookie (~> 1.0)
      mime-types (~> 2.0)
      net-http-digest_auth (~> 1.1, >= 1.1.1)
      net-http-persistent (~> 2.5, >= 2.5.2)
      nokogiri (~> 1.4)
      ntlm-http (~> 0.1, >= 0.1.1)
      webrobots (>= 0.0.9, < 0.2)
    memoizable (0.4.2)
      thread_safe (~> 0.3, >= 0.3.1)
    method_source (0.8.2)
    mime-types (2.4.3)
    mini_magick (4.0.1)
    mini_portile (0.6.1)
    minitest (5.5.0)
    mixpanel-ruby (1.6.0)
    morrisjs-rails (0.5.1)
      railties (> 3.1, < 5)
    multi_json (1.12.1)
    multi_xml (0.6.0)
    multipart-post (2.0.0)
    naught (1.0.0)
    nested_form (0.3.2)
    net-http-digest_auth (1.4)
    net-http-persistent (2.9.4)
    net-scp (1.2.1)
      net-ssh (>= 2.6.5)
    net-ssh (2.9.2)
    newrelic_rpm (3.9.8.273)
    nokogiri (1.6.5)
      mini_portile (~> 0.6.0)
    ntlm-http (0.1.1)
    oauth (0.4.7)
    oauth2 (1.3.1)
      faraday (>= 0.8, < 0.12)
      jwt (~> 1.0)
      multi_json (~> 1.3)
      multi_xml (~> 0.5)
      rack (>= 1.2, < 3)
    omniauth (1.4.2)
      hashie (>= 1.2, < 4)
      rack (>= 1.0, < 3)
    omniauth-facebook (4.0.0)
      omniauth-oauth2 (~> 1.2)
    omniauth-oauth (1.1.0)
      oauth
      omniauth (~> 1.0)
    omniauth-oauth2 (1.4.0)
      oauth2 (~> 1.0)
      omniauth (~> 1.2)
    omniauth-twitter (1.2.0)
      json (~> 1.3)
      omniauth-oauth (~> 1.1)
    orm_adapter (0.5.0)
    paranoia (2.1.0)
      activerecord (~> 4.0)
    pg (0.17.1)
    possessive (1.0.1)
    pry (0.10.4)
      coderay (~> 1.1.0)
      method_source (~> 0.8.1)
      slop (~> 3.4)
    pry-byebug (3.4.3)
      byebug (>= 9.0, < 9.1)
      pry (~> 0.10)
    pry-rails (0.3.4)
      pry (>= 0.9.10)
    puma (2.10.2)
      rack (>= 1.1, < 2.0)
    quiet_assets (1.1.0)
      railties (>= 3.1, < 5.0)
    raabro (1.1.5)
    rack (1.5.5)
    rack-cors (0.3.1)
    rack-protection (1.5.3)
      rack
    rack-test (0.6.2)
      rack (>= 1.0)
    rails (4.1.8)
      actionmailer (= 4.1.8)
      actionpack (= 4.1.8)
      actionview (= 4.1.8)
      activemodel (= 4.1.8)
      activerecord (= 4.1.8)
      activesupport (= 4.1.8)
      bundler (>= 1.3.0, < 2.0)
      railties (= 4.1.8)
      sprockets-rails (~> 2.0)
    rails_dt (0.1.4)
    railties (4.1.8)
      actionpack (= 4.1.8)
      activesupport (= 4.1.8)
      rake (>= 0.8.7)
      thor (>= 0.18.1, < 2.0)
    raindrops (0.13.0)
    rake (10.4.2)
    raphael-rails (2.1.2)
    redis (3.3.5)
    redis-namespace (1.6.0)
      redis (>= 3.0.4)
    remotipart (1.2.1)
    request_store (1.1.0)
    responders (1.1.2)
      railties (>= 3.2, < 4.2)
    rspec (3.0.0)
      rspec-core (~> 3.0.0)
      rspec-expectations (~> 3.0.0)
      rspec-mocks (~> 3.0.0)
    rspec-cells (0.2.2)
      cells (>= 3.4.0)
      railties (>= 3.0)
      rspec-rails (>= 2.14)
    rspec-core (3.0.4)
      rspec-support (~> 3.0.0)
    rspec-expectations (3.0.4)
      diff-lcs (>= 1.2.0, < 2.0)
      rspec-support (~> 3.0.0)
    rspec-instafail (0.2.5)
      rspec
    rspec-mocks (3.0.4)
      rspec-support (~> 3.0.0)
    rspec-rails (3.0.2)
      actionpack (>= 3.0)
      activesupport (>= 3.0)
      railties (>= 3.0)
      rspec-core (~> 3.0.0)
      rspec-expectations (~> 3.0.0)
      rspec-mocks (~> 3.0.0)
      rspec-support (~> 3.0.0)
    rspec-support (3.0.4)
    ruby-progressbar (1.7.1)
    ruby_parser (3.1.3)
      sexp_processor (~> 4.1)
    rufus-scheduler (3.5.0)
      fugit (~> 1.1, >= 1.1.1)
    safe_yaml (1.0.4)
    sass (3.2.19)
    sass-rails (4.0.5)
      railties (>= 4.0.0, < 5.0)
      sass (~> 3.2.2)
      sprockets (~> 2.8, < 3.0)
      sprockets-rails (~> 2.0)
    seedbank (0.3.0)
    sexp_processor (4.4.4)
    shoulda (3.5.0)
      shoulda-context (~> 1.0, >= 1.0.1)
      shoulda-matchers (>= 1.4.1, < 3.0)
    shoulda-context (1.2.1)
    shoulda-matchers (2.7.0)
      activesupport (>= 3.0.0)
    show_for (0.3.0)
      actionpack (>= 3.2, < 5)
      activemodel (>= 3.2, < 5)
    sidekiq (3.3.4)
      celluloid (>= 0.16.0)
      connection_pool (>= 2.1.1)
      json
      redis (>= 3.0.6)
      redis-namespace (>= 1.3.1)
    sidekiq-failures (0.4.3)
      sidekiq (>= 2.16.0)
    sidekiq-scheduler (2.2.2)
      redis (>= 3, < 5)
      rufus-scheduler (~> 3.2)
      sidekiq (>= 3)
      tilt (>= 1.4.0)
    sidekiq-status (0.5.1)
      sidekiq (>= 2.7, < 3.4)
    sidetiq (0.6.3)
      celluloid (>= 0.14.1)
      ice_cube (= 0.11.1)
      sidekiq (>= 3.0.0)
    simple_form (3.1.0)
      actionpack (~> 4.0)
      activemodel (~> 4.0)
    simple_oauth (0.3.0)
    simplecov (0.9.1)
      docile (~> 1.1.0)
      multi_json (~> 1.0)
      simplecov-html (~> 0.8.0)
    simplecov-html (0.8.0)
    sinatra (1.4.5)
      rack (~> 1.4)
      rack-protection (~> 1.4)
      tilt (~> 1.3, >= 1.3.4)
    slackistrano (0.1.10)
      capistrano (>= 3.0.1)
      json
    slop (3.6.0)
    sprockets (2.12.3)
      hike (~> 1.2)
      multi_json (~> 1.0)
      rack (~> 1.0)
      tilt (~> 1.1, != 1.3.0)
    sprockets-rails (2.2.2)
      actionpack (>= 3.0)
      activesupport (>= 3.0)
      sprockets (>= 2.8, < 4.0)
    sshkit (1.7.1)
      colorize (>= 0.7.0)
      net-scp (>= 1.1.2)
      net-ssh (>= 2.8.0)
    sshort (0.1.1)
      capistrano (~> 3.1)
    test_after_commit (0.4.0)
      activerecord (>= 3.2)
    thor (0.19.1)
    thread_safe (0.3.6)
    tilt (1.4.1)
    timecop (0.7.1)
    timers (4.1.2)
      hitimes
    tld (0.7.1)
      addressable
      iso_country_codes
    twitter (5.13.0)
      addressable (~> 2.3)
      buftok (~> 0.2.0)
      equalizer (~> 0.0.9)
      faraday (~> 0.9.0)
      http (~> 0.6.0)
      http_parser.rb (~> 0.6.0)
      json (~> 1.8)
      memoizable (~> 0.4.0)
      naught (~> 1.0)
      simple_oauth (~> 0.3.0)
    tzinfo (1.2.5)
      thread_safe (~> 0.1)
    uber (0.0.11)
    uglifier (2.6.0)
      execjs (>= 0.3.0)
      json (>= 1.8.0)
    unf (0.1.4)
      unf_ext
    unf_ext (0.0.6)
    unicorn (4.8.3)
      kgio (~> 2.6)
      rack
      raindrops (~> 0.7)
    uniform_notifier (1.6.2)
    vcr (2.9.3)
    vimeo (1.5.4)
      httparty (>= 0.4.5)
      httpclient (>= 2.1.5.2)
      json (>= 1.1.9)
      multipart-post (>= 1.0.1)
      oauth (>= 0.4.3)
    warden (1.2.3)
      rack (>= 1.0)
    watu_table_builder (0.3.0)
    webmock (1.8.0)
      addressable (>= 2.2.7)
      crack (>= 0.1.7)
    webrobots (0.1.1)
    xpath (2.0.0)
      nokogiri (~> 1.3)
    yt (0.24.7)
      activesupport

PLATFORMS
  ruby

DEPENDENCIES
  aasm
  active_link_to
  airbrake
  annotate
  attr_encrypted
  better_errors
  binding_of_caller
  bootstrap-sass (~> 3.0.3.0)
  bullet
  byebug
  cancancan
  capistrano
  capistrano-bundler
  capistrano-db-tasks!
  capistrano-rails
  capistrano-rbenv
  capistrano-sidekiq
  capistrano3-unicorn
  capistrano_colors
  capybara (~> 2.4)
  capybara-puma
  capybara-screenshot
  capybara-webkit (~> 1.3.0)
  carrierwave
  cells
  coffee-rails (~> 4.0.0)
  database_cleaner
  devise
  devise_invitable
  draper
  email_validator
  enumerize
  execjs
  factory_girl_rails
  ffaker
  figaro
  font-awesome-rails
  friendly_id
  fuubar (~> 2.0.0)
  geocoder
  haml-rails
  has_scope
  httparty
  inherited_resources!
  jquery-cookie-rails
  jquery-datatables-rails
  jquery-rails
  jquery-ui-rails
  kaminari
  koala
  launchy
  letter_opener
  mechanize
  mini_magick
  mixpanel-ruby
  morrisjs-rails
  nested_form
  newrelic_rpm
  omniauth
  omniauth-facebook
  omniauth-twitter
  paranoia (= 2.1.0)
  pg
  possessive
  pry-byebug
  pry-rails
  puma
  quiet_assets
  rack-cors
  rails (~> 4.1.8)
  rails_dt
  raphael-rails
  remotipart
  rspec-cells
  rspec-instafail
  rspec-rails (~> 3.0.2)
  sass-rails (~> 4.0.0)
  seedbank
  shoulda
  show_for
  sidekiq (>= 3)
  sidekiq-failures
  sidekiq-scheduler
  sidekiq-status
  sidetiq
  simple_form
  simplecov
  sinatra (>= 1.3.0)
  slackistrano
  sprockets
  sshort
  test_after_commit
  timecop
  tld
  twitter
  uglifier
  unicorn
  vcr
  vimeo
  watu_table_builder
  webmock (= 1.8.0)
  yt

BUNDLED WITH
   1.16.2
